GIT
  remote: git@github.com:joaomilho/user_agent_info.git
  revision: 80d6fd13e3033686f19eb0f8305c1a7b4f79313f
  specs:
    user_agent_info (0.0.1)

GEM
  remote: http://rubygems.org/
  specs:
    eventmachine (0.12.10)
    eventmachine-tail (0.6.3)
      eventmachine
    geoip-c (0.8.0)
    metaclass (0.0.1)
    mocha (0.10.3)
      metaclass (~> 0.0.1)
    pg (0.11.0)
    rake (0.8.7)

PLATFORMS
  ruby

DEPENDENCIES
  eventmachine (~> 0.12.10)
  eventmachine-tail (~> 0.6.3)
  geoip-c (~> 0.8.0)
  mocha
  pg
  rake
  user_agent_info (= 0.0.1)!
